CONTENT: NONE
NUGET
  remote: http://alpha.aleacubase.com/nuget
  specs:
    Alea.CUDA (2.1.0.3253-beta)
    Alea.CUDA.Fody (2.1.0.3253-beta)
      Alea.CUDA (2.1.0.3253-beta)
      Alea.CUDA.IL (2.1.0.3253-beta)
      Alea.IL (2.1.0.3253-beta)
      Fody (>= 1.28.0)
    Alea.CUDA.IL (2.1.0.3253-beta)
      Alea.CUDA (2.1.0.3253-beta)
      Alea.IL (2.1.0.3253-beta)
    Alea.CUDA.Unbound (2.1.0.3253-beta)
      Alea.CUDA (2.1.0.3253-beta)
      Alea.CUDA.IL (2.1.0.3253-beta)
      Alea.IL (2.1.0.3253-beta)
    Alea.IL (2.1.0.3253-beta)
  remote: https://www.nuget.org/api/v2
  specs:
    FAKE (3.35.2)
    Fody (1.28.3)
    NUnit (2.6.4)
    NUnit.Runners (2.6.4)
